GEM
  remote: https://rubygems.org/
  specs:
    daemons (1.1.9)
    eventmachine (1.0.3)
    mime-types (2.0)
    mustermann (2.0.2)
      ruby2_keywords (~> 0.0.1)
    rack (2.2.4)
    rack-protection (2.2.3)
      rack
    rest-client (1.6.7)
      mime-types (>= 1.16)
    ruby-openid (2.3.0)
    ruby2_keywords (0.0.5)
    sequel (4.5.0)
    sinatra (2.2.3)
      mustermann (~> 2.0)
      rack (~> 2.2)
      rack-protection (= 2.2.3)
      tilt (~> 2.0)
    thin (1.6.1)
      daemons (>= 1.0.9)
      eventmachine (>= 1.0.0)
      rack (>= 1.0.0)
    tilt (2.0.11)
    yajl-ruby (1.1.0)

PLATFORMS
  ruby

DEPENDENCIES
  rest-client
  ruby-openid
  sequel
  sinatra
  thin
  yajl-ruby
